GEM
  remote: https://rubygems.org/
  specs:
    mustermann (3.0.0)
      ruby2_keywords (~> 0.0.1)
    rack (2.2.5)
    rack-protection (3.0.5)
      rack
    rackup (0.1.0)
      rack
      webrick
    ruby2_keywords (0.0.5)
    sinatra (3.0.5)
      mustermann (~> 3.0)
      rack (~> 2.2, >= 2.2.4)
      rack-protection (= 3.0.5)
      tilt (~> 2.0)
    tilt (2.0.11)
    webrick (1.7.0)

PLATFORMS
  ruby
  x64-mingw-ucrt

DEPENDENCIES
  rackup
  sinatra

RUBY VERSION
   ruby 3.1.3p185

BUNDLED WITH
   2.4.1
